GEM
  remote: http://rubygems.org/
  specs:
    ffi (1.0.11)
    guard (1.0.2)
      ffi (>= 0.5.0)
      thor (~> 0.14.6)
    guard-haml (0.3.3)
      guard (>= 0.4)
      haml (>= 3.0)
    guard-sass (0.6.0)
      guard (>= 0.4.0)
      sass (>= 3.1)
    haml (3.1.5)
    sass (3.1.17)
    thor (0.14.6)

PLATFORMS
  ruby

DEPENDENCIES
  guard-haml
  guard-sass
