GEM
  remote: http://rubygems.org/
  specs:
    coffee-script (2.2.0)
      coffee-script-source
      execjs
    coffee-script-source (1.3.1)
    execjs (1.3.2)
      multi_json (~> 1.0)
    ffi (1.0.11)
    guard (1.0.2)
      ffi (>= 0.5.0)
      thor (~> 0.14.6)
    guard-coffeescript (0.6.0)
      coffee-script (>= 2.2.0)
      guard (>= 0.8.3)
    guard-haml (0.3.3)
      guard (>= 0.4)
      haml (>= 3.0)
    guard-sass (0.6.0)
      guard (>= 0.4.0)
      sass (>= 3.1)
    guard-uglify (0.1.0)
      guard (>= 0.2.2)
      uglifier
    haml (3.1.5)
    libv8 (3.3.10.4)
    multi_json (1.3.4)
    sass (3.1.17)
    therubyracer (0.10.1)
      libv8 (~> 3.3.10)
    thor (0.14.6)
    uglifier (1.2.4)
      execjs (>= 0.3.0)
      multi_json (>= 1.0.2)

PLATFORMS
  ruby
  x86-mingw32

DEPENDENCIES
  guard-coffeescript
  guard-haml
  guard-sass
  guard-uglify
  therubyracer
